GEM
  remote: https://rubygems.org/
  specs:
    airbrussh (1.4.0)
      sshkit (>= 1.6.1, != 1.7.0)
<<<<<<< HEAD
    amazing_print (1.3.0)
    bcrypt_pbkdf (1.0.1)
=======
    amazing_print (1.4.0)
>>>>>>> 1e80b79 (wip)
    capistrano (3.11.2)
      airbrussh (>= 1.0.0)
      i18n
      rake (>= 10.0.0)
      sshkit (>= 1.9.0)
    capistrano-bundler (1.5.0)
      capistrano (~> 3.1)
    capistrano-rbenv (2.1.4)
      capistrano (~> 3.1)
      sshkit (~> 1.3)
    capistrano-rbenv-install (1.2.0)
      capistrano (>= 3.0)
      capistrano-rbenv (>= 2.0)
    capistrano-rsync-bladrak (1.4.2)
      capistrano (>= 3.0.0.pre14, < 4)
    concurrent-ruby (1.1.5)
    diff-lcs (1.3)
    domain_name (0.5.20180417)
      unf (>= 0.0.5, < 1.0.0)
    ed25519 (1.2.4)
    fakefs (0.20.0)
    faker (1.9.3)
      i18n (>= 0.7)
    http-cookie (1.0.3)
    fakefs (1.4.1)
    faker (2.19.0)
      i18n (>= 1.6, < 2)
    http-accept (1.7.0)
    http-cookie (1.0.4)
      domain_name (~> 0.5)
    i18n (1.7.0)
      concurrent-ruby (~> 1.0)
    invariant (0.2.0)
    irb (1.0.0)
    json (2.3.0)
    little-plugger (1.1.4)
    logging (2.2.2)
      little-plugger (~> 1.1)
      multi_json (~> 1.10)
    metaclass (0.0.4)
    mime-types (3.2.2)
      mime-types-data (~> 3.2015)
    mime-types-data (3.2018.0812)
    mocha (1.8.0)
      metaclass (~> 0.0.1)
    multi_json (1.13.1)
    net-scp (2.0.0)
      net-ssh (>= 2.6.5, < 6.0.0)
    net-ssh (5.2.0)
    netrc (0.11.0)
    rake (13.0.1)
    rest-client (2.0.2)
      http-cookie (>= 1.0.2, < 2.0)
      mime-types (>= 1.16, < 4.0)
      netrc (~> 0.8)
    rspec (3.8.0)
      rspec-core (~> 3.8.0)
      rspec-expectations (~> 3.8.0)
      rspec-mocks (~> 3.8.0)
    rspec-core (3.8.0)
      rspec-support (~> 3.8.0)
    rspec-expectations (3.8.2)
      diff-lcs (>= 1.2.0, < 2.0)
      rspec-support (~> 3.8.0)
    rspec-mocks (3.8.0)
      diff-lcs (>= 1.2.0, < 2.0)
      rspec-support (~> 3.8.0)
    rspec-support (3.8.0)
    solid_assert (1.1.0)
    sshkit (1.20.0)
      net-scp (>= 1.1.2)
      net-ssh (>= 2.8.0)
    unf (0.1.4)
      unf_ext
    unf_ext (0.0.7.5)

PLATFORMS
  ruby

DEPENDENCIES
  amazing_print
  capistrano
  capistrano-bundler
  capistrano-rbenv
  capistrano-rbenv-install (~> 1.2.0)
  capistrano-rsync-bladrak
  fakefs
  faker
  invariant
  irb
  json
  logging
  mocha
  rest-client
  rspec
  solid_assert

RUBY VERSION
   ruby 2.6.2p47

BUNDLED WITH
   1.17.2
