GEM
  remote: https://rubygems.org/
  specs:
    amazing_print (1.4.0)
    concurrent-ruby (1.1.9)
    diff-lcs (1.3)
    domain_name (0.5.20190701)
      unf (>= 0.0.5, < 1.0.0)
    fakefs (0.20.0)
    fakefs (1.4.1)
    faker (1.9.3)
      i18n (>= 0.7)
    faker (2.19.0)
      i18n (>= 1.6, < 2)
    http-accept (1.7.0)
    http-cookie (1.0.3)
    http-cookie (1.0.4)
      domain_name (~> 0.5)
    i18n (1.9.1)
      concurrent-ruby (~> 1.0)
    invariant (0.2.0)
    io-console (0.5.11)
    irb (1.4.1)
      reline (>= 0.3.0)
    json (2.6.1)
    little-plugger (1.1.4)
    logging (2.3.0)
      little-plugger (~> 1.1)
      multi_json (~> 1.14)
    metaclass (0.0.4)
    mime-types (3.4.1)
      mime-types-data (~> 3.2015)
    mime-types-data (3.2022.0105)
    mocha (1.8.0)
      metaclass (~> 0.0.1)
    multi_json (1.15.0)
    netrc (0.11.0)
    reline (0.3.1)
      io-console (~> 0.5)
    rest-client (2.1.0)
      http-accept (>= 1.7.0, < 2.0)
      http-cookie (>= 1.0.2, < 2.0)
      mime-types (>= 1.16, < 4.0)
      netrc (~> 0.8)
    rspec (3.8.0)
      rspec-core (~> 3.8.0)
      rspec-expectations (~> 3.8.0)
      rspec-mocks (~> 3.8.0)
    rspec-core (3.8.0)
      rspec-support (~> 3.8.0)
    rspec-expectations (3.8.2)
      diff-lcs (>= 1.2.0, < 2.0)
      rspec-support (~> 3.8.0)
    rspec-mocks (3.8.0)
      diff-lcs (>= 1.2.0, < 2.0)
      rspec-support (~> 3.8.0)
    rspec-support (3.8.0)
    solid_assert (1.1.0)
    unf (0.1.4)
      unf_ext
    unf_ext (0.0.8)

PLATFORMS
  ruby

DEPENDENCIES
  amazing_print
  fakefs
  faker
  invariant
  irb
  json
  logging
  mocha
  rest-client
  rspec
  solid_assert

RUBY VERSION
   ruby 3.1.0p0

BUNDLED WITH
   2.3.6
